GEM
  remote: https://rubygems.org/
  specs:
    json (1.8.1)
    kgio (2.8.1)
    metaclass (0.0.2)
    mocha (1.0.0)
      metaclass (~> 0.0.1)
    rack (1.5.2)
    rack-protection (1.5.2)
      rack
    rack-test (0.6.2)
      rack (>= 1.0)
    raindrops (0.12.0)
    rake (10.1.1)
    sinatra (1.4.4)
      rack (~> 1.4)
      rack-protection (~> 1.4)
      tilt (~> 1.3, >= 1.3.4)
    tilt (1.4.1)
    unicorn (4.8.0)
      kgio (~> 2.6)
      rack
      raindrops (~> 0.7)

PLATFORMS
  ruby

DEPENDENCIES
  json
  mocha
  rack-test
  rake
  sinatra
  unicorn
